GEM
  remote: https://rubygems.org/
  specs:
    icalendar (2.8.0)
      ice_cube (~> 0.16)
    ice_cube (0.16.4)

PLATFORMS
  x64-mingw-ucrt

DEPENDENCIES
  icalendar (~> 2.8)

BUNDLED WITH
   2.4.3
