GEM
  remote: https://rubygems.org/
  specs:
    activesupport (7.0.4)
      concurrent-ruby (~> 1.0, >= 1.0.2)
      i18n (>= 1.6, < 2)
      minitest (>= 5.1)
      tzinfo (~> 2.0)
    concurrent-ruby (1.1.10)
    i18n (1.12.0)
      concurrent-ruby (~> 1.0)
    icalendar (2.8.0)
      ice_cube (~> 0.16)
    icalendar-rrule (0.1.7)
      activesupport (>= 5.1)
      icalendar (>= 2.4)
      ice_cube (>= 0.16)
    ice_cube (0.16.4)
    minitest (5.17.0)
    tzinfo (2.0.5)
      concurrent-ruby (~> 1.0)

PLATFORMS
  x64-mingw-ucrt

DEPENDENCIES
  icalendar (~> 2.8)
  icalendar-rrule (~> 0.1.7)

BUNDLED WITH
   2.4.3
